PATH
  remote: .
  specs:
    scrapinghub (0.0.3)
      json

GEM
  remote: https://rubygems.org/
  specs:
    json (1.8.2)

PLATFORMS
  ruby

DEPENDENCIES
  scrapinghub!
